GIT
  remote: https://github.com/DouweM/pebblewatch.git
  revision: f92bae3b61d006aee550fdb4538a584eb8cf4ea1
  specs:
    pebblewatch (0.0.3)
      bindata (~> 1.6)
      json (~> 1.8)
      rubyzip (~> 1.0)
      serialport (~> 1.1)

GEM
  remote: https://rubygems.org/
  specs:
    bindata (1.6.0)
    json (1.8.1)
    rubyzip (1.1.0)
    serialport (1.2.3)

PLATFORMS
  ruby

DEPENDENCIES
  pebblewatch!
  serialport
